PATH
  remote: .
  specs:
    bcbiff (0.3.0)
      mail

GEM
  remote: https://rubygems.org/
  specs:
    i18n (0.6.1)
    json (1.7.7)
    mail (2.5.3)
      i18n (>= 0.4.0)
      mime-types (~> 1.16)
      treetop (~> 1.4.8)
    mime-types (1.21)
    polyglot (0.3.3)
    rdoc (3.12.1)
      json (~> 1.4)
    treetop (1.4.12)
      polyglot
      polyglot (>= 0.3.1)

PLATFORMS
  ruby

DEPENDENCIES
  bcbiff!
  bundler (>= 1.2)
  rdoc (> 2.4.2)
